GEM
  remote: http://rubygems.org/
  specs:
    ansi (1.4.3)
    minitest (4.6.2)
    nokogiri (1.5.6)
    turn (0.9.6)
      ansi

PLATFORMS
  ruby

DEPENDENCIES
  minitest
  nokogiri
  turn
