GEM
  remote: http://rubygems.org/
  specs:
    ansi (1.4.3)
    json (1.7.7)
    mime-types (1.21)
    minitest (4.6.2)
    nokogiri (1.5.6)
    rest-client (1.6.7)
      mime-types (>= 1.16)
    turn (0.9.6)
      ansi

PLATFORMS
  ruby

DEPENDENCIES
  json
  minitest
  nokogiri
  rest-client
  turn
